PATH
  remote: .
  specs:
    austin_swing_syndicate_dance_clases (0.1.0)
      nokogiri

GEM
  remote: https://rubygems.org/
  specs:
    coderay (1.1.3)
    method_source (1.0.0)
    mini_portile2 (2.4.0)
    nokogiri (1.10.10)
      mini_portile2 (~> 2.4.0)
    pry (0.13.1)
      coderay (~> 1.1)
      method_source (~> 1.0)
    rake (13.0.1)

PLATFORMS
  ruby

DEPENDENCIES
  austin_swing_syndicate_dance_clases!
  bundler (~> 2.0)
  pry
  rake (~> 13.0)

BUNDLED WITH
   2.0.1
